GEM
  remote: http://rubygems.org/
  specs:
    builder (2.1.2)
    cucumber (0.9.0)
      builder (~> 2.1.2)
      diff-lcs (~> 1.1.2)
      gherkin (~> 2.2.2)
      json (~> 1.4.6)
      term-ansicolor (~> 1.0.5)
    curb (0.7.15)
    daemons (1.1.3)
    diff-lcs (1.1.2)
    eventmachine (0.12.10)
    gherkin (2.2.4)
      json (~> 1.4.6)
      term-ansicolor (~> 1.0.5)
      trollop (~> 1.16.2)
    httpclient (2.2.0.2)
    json (1.4.6)
    json_pure (1.5.1)
    mini_portile2 (2.8.0)
    nats (0.4.10)
      daemons (>= 1.1.0)
      eventmachine (>= 0.12.10)
      json_pure (>= 1.5.1)
    nokogiri (1.13.6)
      mini_portile2 (~> 2.8.0)
      racc (~> 1.4)
    racc (1.6.0)
    rake (0.8.7)
    rspec (1.3.0)
    rubyzip (0.9.4)
    term-ansicolor (1.0.5)
    trollop (1.16.2)

PLATFORMS
  ruby

DEPENDENCIES
  cucumber (= 0.9.0)
  curb
  gherkin (= 2.2.4)
  httpclient
  json
  nats
  nokogiri
  rake (= 0.8.7)
  rspec (= 1.3.0)
  rubyzip
